GEM
  remote: https://rubygems.org/
  specs:
    backup (3.4.0)
      open4 (~> 1.3.0)
      thor (>= 0.15.4, < 2)
    chronic (0.10.2)
    open4 (1.3.4)
    rake (10.4.2)
    thor (0.19.1)
    whenever (0.9.4)
      chronic (>= 0.6.3)

PLATFORMS
  ruby

DEPENDENCIES
  backup
  rake
  whenever
